GEM
  remote: http://rubygems.org/
  specs:
    childprocess (3.0.0)
    ffi (1.15.0-x64-mingw32)
    nokogiri (1.11.4-x64-mingw32)
      racc (~> 1.4)
    racc (1.5.2)
    rubyzip (2.3.0)
    selenium-webdriver (3.142.7)
      childprocess (>= 0.5, < 4.0)
      rubyzip (>= 1.2.2)
    webdrivers (4.6.0)
      nokogiri (~> 1.6)
      rubyzip (>= 1.3.0)
      selenium-webdriver (>= 3.0, < 4.0)

PLATFORMS
  x64-mingw32

DEPENDENCIES
  ffi
  selenium-webdriver
  webdrivers

BUNDLED WITH
   2.2.17
